GEM
  remote: https://rubygems.org/
  specs:
    dotenv (3.1.4)
    httparty (0.21.0)
      mini_mime (>= 1.0.0)
      multi_xml (>= 0.5.2)
    mini_mime (1.1.2)
    multi_xml (0.6.0)
    opsgenie-schedule (0.1.4)
      httparty (~> 0.17)

PLATFORMS
  arm64-darwin-22
  x86_64-linux

DEPENDENCIES
  dotenv (~> 3.0)
  opsgenie-schedule (~> 0.1.4)

BUNDLED WITH
   2.4.1
